GEM
  remote: http://rubygems.org/
  specs:
    activesupport (4.2.11.3)
      i18n (~> 0.7)
      minitest (~> 5.1)
      thread_safe (~> 0.3, >= 0.3.4)
      tzinfo (~> 1.1)
    addressable (2.8.1)
      public_suffix (>= 2.0.2, < 6.0)
    adsf (1.2.1)
      rack (>= 1.0.0)
    awesome_print (1.6.1)
    builder (3.2.2)
    colorator (0.1)
    colored (1.2)
    concurrent-ruby (1.1.10)
    cri (2.7.0)
      colored (~> 1.2)
    dotenv (2.1.1)
    ethon (0.9.0)
      ffi (>= 1.3.0)
    extended-markdown-filter (0.4.3)
      html-pipeline (~> 2.0)
      nokogiri (~> 1.6.4)
    faraday (1.0.1)
      multipart-post (>= 1.2, < 3)
    ffi (1.9.10)
    ffi (1.9.10-x64-mingw32)
    gemoji (2.1.0)
    github-markdown (0.6.9)
    html-pipeline (2.4.1)
      activesupport (>= 2, < 5)
      nokogiri (>= 1.4)
    html-pipeline-rouge_filter (1.0.4)
      activesupport
      html-pipeline (>= 1.11)
      rouge (~> 1.8)
    html-proofer (2.6.4)
      activesupport (~> 4.2)
      addressable (~> 2.3)
      colored (~> 1.2)
      mercenary (~> 0.3.2)
      nokogiri (~> 1.5)
      parallel (~> 1.3)
      typhoeus (~> 0.7)
      yell (~> 2.0)
    i18n (0.9.5)
      concurrent-ruby (~> 1.0)
    jekyll (3.1.6)
      colorator (~> 0.1)
      jekyll-sass-converter (~> 1.0)
      jekyll-watch (~> 1.1)
      kramdown (~> 1.3)
      liquid (~> 3.0)
      mercenary (~> 0.3.3)
      rouge (~> 1.7)
      safe_yaml (~> 1.0)
    jekyll-auth (2.0.0)
      colorator (~> 0.1)
      dotenv (~> 2.0)
      jekyll (>= 2.0)
      mercenary (~> 0.3)
      rack (~> 1.6)
      rack-ssl-enforcer (~> 0.2)
      rake (~> 10.3)
      safe_yaml (~> 1.0)
      sinatra-index (~> 0.0)
      sinatra_auth_github (~> 1.1)
    jekyll-sass-converter (1.4.0)
      sass (~> 3.4)
    jekyll-watch (1.4.0)
      listen (~> 3.0, < 3.1)
    kramdown (1.11.1)
    liquid (3.0.6)
    listen (3.0.8)
      rb-fsevent (~> 0.9, >= 0.9.4)
      rb-inotify (~> 0.9, >= 0.9.7)
    mercenary (0.3.6)
    mini_portile2 (2.1.0)
    minitest (5.15.0)
    multipart-post (2.2.3)
    nanoc (4.1.6)
      cri (~> 2.3)
    nanoc-conref-fs (0.6.5)
      activesupport (~> 4.2)
      liquid (~> 3.0)
      nanoc (~> 4.0)
    nanoc-html-pipeline (0.3.3)
      html-pipeline (~> 2.0)
      nanoc (>= 3.1, < 5.0)
    nokogiri (1.6.8.rc3)
      mini_portile2 (~> 2.1.0)
      pkg-config (~> 1.1.7)
    nokogiri (1.6.8.rc3-x64-mingw32)
      mini_portile2 (~> 2.1.0)
      pkg-config (~> 1.1.7)
    octokit (4.25.1)
      faraday (>= 1, < 3)
      sawyer (~> 0.9)
    page-toc-filter (0.0.1)
      html-pipeline (~> 2.0)
      nokogiri (~> 1.6.4)
    parallel (1.8.0)
    pkg-config (1.1.7)
    public_suffix (4.0.7)
    rack (1.6.13)
    rack-protection (1.5.5)
      rack
    rack-ssl-enforcer (0.2.9)
    rake (10.3.2)
    rb-fsevent (0.9.7)
    rb-inotify (0.9.7)
      ffi (>= 0.5.0)
    rouge (1.10.1)
    safe_yaml (1.0.4)
    sass (3.4.22)
    sawyer (0.9.2)
      addressable (>= 2.3.5)
      faraday (>= 0.17.3, < 3)
    sinatra (1.4.8)
      rack (~> 1.5)
      rack-protection (~> 1.4)
      tilt (>= 1.3, < 3)
    sinatra-index (0.0.2)
      sinatra
    sinatra_auth_github (1.2.0)
      sinatra (~> 1.0)
      warden-github (~> 1.2.0)
    thread_safe (0.3.6)
    tilt (2.0.11)
    typhoeus (0.8.0)
      ethon (>= 0.8.0)
    tzinfo (1.2.10)
      thread_safe (~> 0.1)
    warden (1.2.7)
      rack (>= 1.0)
    warden-github (1.2.0)
      activesupport (> 3.0)
      octokit (> 2.1.0)
      warden (> 1.0)
    yell (2.0.6)

PLATFORMS
  ruby
  x64-mingw32

DEPENDENCIES
  adsf
  awesome_print (= 1.6.1)
  builder (~> 3.2)
  extended-markdown-filter (= 0.4.3)
  gemoji (= 2.1.0)
  github-markdown (= 0.6.9)
  html-pipeline-rouge_filter (~> 1.0)
  html-proofer (~> 2.5)
  jekyll-auth (~> 2.0)
  nanoc (~> 4.0)
  nanoc-conref-fs (~> 0.5)
  nanoc-html-pipeline (= 0.3.3)
  nokogiri (~> 1.6.8.rc3)
  page-toc-filter (~> 0.0.1)
  rake (= 10.3.2)

RUBY VERSION
   ruby 2.3.3p222

BUNDLED WITH
   1.14.6
